GEM
  remote: https://rubygems.org/
  specs:
    activesupport (5.0.0.1)
      concurrent-ruby (~> 1.0, >= 1.0.2)
      i18n (~> 0.7)
      minitest (~> 5.1)
      tzinfo (~> 1.1)
    autoprefixer-rails (6.4.1)
      execjs
    coffee-script (2.4.1)
      coffee-script-source
      execjs
    coffee-script-source (1.10.0)
    concurrent-ruby (1.0.2)
    dimensions (1.3.0)
    evil-front (0.4.0)
      i18n
      nokogiri (>= 1)
      rails-sass-images (>= 0.3)
      rubypants-unicode
      sass (>= 3.2.9)
      slim (>= 1.3.9)
      sprockets (>= 1)
      standalone_typograf (>= 3.0.1)
      unicode_utils (>= 1.4)
    execjs (2.7.0)
    i18n (0.7.0)
    jquery-cdn (2.2.4)
      sprockets (>= 2)
    json (2.0.2)
    libv8 (3.16.14.15)
    mime-types (3.1)
      mime-types-data (~> 3.2015)
    mime-types-data (3.2016.0521)
    mini_portile2 (2.1.0)
    minitest (5.9.0)
    nokogiri (1.6.8)
      mini_portile2 (~> 2.1.0)
      pkg-config (~> 1.1.7)
    pkg-config (1.1.7)
    r18n-core (2.1.4)
    rack (1.6.4)
    rack-protection (1.5.3)
      rack
    rails-sass-images (1.0.3)
      dimensions (> 0)
      mime-types (> 0)
      sass (> 0)
    rake (11.2.2)
    ref (2.0.0)
    rubypants-unicode (0.2.5)
    sass (3.4.22)
    sinatra (1.4.7)
      rack (~> 1.5)
      rack-protection (~> 1.4)
      tilt (>= 1.3, < 3)
    slim (3.0.7)
      temple (~> 0.7.6)
      tilt (>= 1.3.3, < 2.1)
    sprockets (3.7.0)
      concurrent-ruby (~> 1.0)
      rack (> 1, < 3)
    standalone_typograf (3.0.2)
      activesupport
    temple (0.7.7)
    therubyracer (0.12.2)
      libv8 (~> 3.16.14.0)
      ref
    thread_safe (0.3.5)
    tilt (2.0.5)
    tzinfo (1.2.2)
      thread_safe (~> 0.1)
    uglifier (3.0.2)
      execjs (>= 0.3.0, < 3)
    unicode_utils (1.4.0)

PLATFORMS
  ruby

DEPENDENCIES
  autoprefixer-rails
  coffee-script
  evil-front
  jquery-cdn
  json
  r18n-core
  rake
  sinatra
  therubyracer
  uglifier

BUNDLED WITH
   1.12.5
